GEM
  remote: http://www.rubygems.org/
  specs:
    colorize (0.5.8)
    execjs (2.8.1)
    json (2.6.3)
    rkelly (1.0.7)
    uglifier (2.7.2)
      execjs (>= 0.3.0)
      json (>= 1.8.0)

PLATFORMS
  ruby

DEPENDENCIES
  colorize
  rkelly
  uglifier
